GEM
  remote: https://rubygems.org/
  specs:
    algoliasearch (1.7.0)
      httpclient (~> 2.4)
      json (>= 1.5.1)
    backports (3.6.8)
    httpclient (2.7.1)
    json (1.8.3)
    jwt (1.5.5)
    kgio (2.10.0)
    multi_json (1.11.2)
    pg (0.18.4)
    pickup (0.0.11)
    rack (1.6.4)
    rack-protection (1.5.3)
      rack
    rack-test (0.6.3)
      rack (>= 1.0)
    raindrops (0.15.0)
    sinatra (1.4.7)
      rack (~> 1.5)
      rack-protection (~> 1.4)
      tilt (>= 1.3, < 3)
    sinatra-contrib (1.4.6)
      backports (>= 2.0)
      multi_json
      rack-protection
      rack-test
      sinatra (~> 1.4.0)
      tilt (>= 1.3, < 3)
    tilt (2.0.2)
    unicorn (4.7.0)
      kgio (~> 2.6)
      rack
      raindrops (~> 0.7)
    useragent (0.16.8)
    wannabe_bool (0.5.0)

PLATFORMS
  ruby

DEPENDENCIES
  algoliasearch
  jwt
  pg
  pickup
  sinatra
  sinatra-contrib
  unicorn
  useragent
  wannabe_bool

BUNDLED WITH
   1.12.5
